GEM
  remote: http://rubygems.org/
  specs:
    coderay (1.1.1)
    coffee-script (2.4.1)
      coffee-script-source
      execjs
    coffee-script-source (1.12.2)
    em-websocket (0.5.1)
      eventmachine (>= 0.12.9)
      http_parser.rb (~> 0.6.0)
    eventmachine (1.2.3)
    execjs (2.7.0)
    ffi (1.9.18)
    formatador (0.2.5)
    guard (1.8.3)
      formatador (>= 0.2.4)
      listen (~> 1.3)
      lumberjack (>= 1.0.2)
      pry (>= 0.9.10)
      thor (>= 0.14.6)
    guard-coffeescript (1.3.4)
      coffee-script (>= 2.2.0)
      guard (>= 1.1.0)
    guard-livereload (1.4.0)
      em-websocket (>= 0.5.0)
      guard (>= 1.8.0)
      multi_json (~> 1.7)
    guard-sass (1.3.2)
      guard (>= 1.1.0)
      sass (>= 3.1)
    guard-shell (0.5.2)
      guard (>= 1.1.0)
    http_parser.rb (0.6.0)
    listen (1.3.1)
      rb-fsevent (>= 0.9.3)
      rb-inotify (>= 0.9)
      rb-kqueue (>= 0.2)
    lumberjack (1.0.11)
    method_source (0.8.2)
    multi_json (1.12.1)
    pry (0.10.4)
      coderay (~> 1.1.0)
      method_source (~> 0.8.1)
      slop (~> 3.4)
    rb-fsevent (0.9.8)
    rb-inotify (0.9.8)
      ffi (>= 0.5.0)
    rb-kqueue (0.2.4)
      ffi (>= 0.5.0)
    ruby_gntp (0.3.4)
    sass (3.4.23)
    slop (3.6.0)
    thor (0.19.4)
    wdm (0.1.1)

PLATFORMS
  ruby

DEPENDENCIES
  guard (~> 1.8.2)
  guard-coffeescript (~> 1.3.2)
  guard-livereload (~> 1.4.0)
  guard-sass (~> 1.3.2)
  guard-shell (~> 0.5.1)
  rb-fsevent (~> 0.9.3)
  rb-inotify (~> 0.9.0)
  ruby_gntp (~> 0.3.4)
  wdm (~> 0.1.0)
